GEM
  remote: https://rubygems.org/
  specs:
    agent (0.9.1)

PLATFORMS
  ruby

DEPENDENCIES
  agent
